PATH
  remote: .
  specs:
    BoringAvatar (0.1.0)

GEM
  remote: https://rubygems.org/
  specs:
    minitest (5.14.4)
    rake (12.3.3)

PLATFORMS
  x86_64-darwin-20
  x86_64-linux

DEPENDENCIES
  BoringAvatar!
  minitest (~> 5.0)
  rake (~> 12.0)

BUNDLED WITH
   2.2.15
